GIT
  remote: git://github.com/awestruct/aweplug.git
  revision: 88925e39bab4dc19c1b9d6a8c0710df3ebbffa2c
  specs:
    aweplug (1.0.0.a24)
      curb (~> 0.8.5)
      faraday (>= 0.8.7, < 1.0.0)
      faraday_middleware (>= 0.9.0)
      nokogiri (~> 1.5.10)
      oauth (~> 0.3.6)
      octokit (>= 1.24.0)
      parallel (> 1.0.0)
      sass (< 3.4.6)
      uglifier (~> 2.0.1)
      xml-simple (~> 1.1)

GEM
  remote: https://rubygems.org/
  specs:
    POpen4 (0.1.4)
      Platform (>= 0.4.0)
      open4
    Platform (0.4.0)
    activesupport (4.1.8)
      i18n (~> 0.6, >= 0.6.9)
      json (~> 1.7, >= 1.7.7)
      minitest (~> 5.1)
      thread_safe (~> 0.1)
      tzinfo (~> 1.1)
    addressable (2.3.6)
    anemone (0.7.2)
      nokogiri (>= 1.3.0)
      robotex (>= 1.0.0)
    asciidoctor (1.5.1)
    autoparse (0.3.3)
      addressable (>= 2.3.1)
      extlib (>= 0.9.15)
      multi_json (>= 1.0.0)
    awestruct (0.5.6.beta7)
      asciidoctor
      bootstrap-sass (~> 3.2.0.2)
      colorize (~> 0.7.1)
      compass (~> 1.0.1)
      compass-960-plugin (~> 0.10.4)
      git (~> 1.2.6)
      guard-livereload (~> 2.1.2)
      haml (~> 4.0.5)
      listen (~> 2.7.1)
      mime-types (~> 2.1)
      parallel (> 1.1.1)
      rack (~> 1.5.2)
      rest-client (~> 1.7.2)
      ruby-s3cmd (~> 0.1.5)
      tilt (~> 2.0.1)
      zurb-foundation (~> 4.3.2)
    blinkr (0.2.6)
      nokogiri (~> 1.5)
      parallel (~> 1.1.0)
      slim (~> 2.0)
      typhoeus (~> 0.6)
    bootstrap-sass (3.2.0.2)
      sass (~> 3.2)
    celluloid (0.16.0)
      timers (~> 4.0.0)
    chunky_png (1.3.3)
    coderay (1.1.0)
    colorize (0.7.3)
    compass (1.0.1)
      chunky_png (~> 1.2)
      compass-core (~> 1.0.1)
      compass-import-once (~> 1.0.5)
      rb-fsevent (>= 0.9.3)
      rb-inotify (>= 0.9)
      sass (>= 3.3.13, < 3.5)
    compass-960-plugin (0.10.4)
      compass (>= 0.10.0)
    compass-core (1.0.1)
      multi_json (~> 1.0)
      sass (>= 3.3.0, < 3.5)
    compass-import-once (1.0.5)
      sass (>= 3.2, < 3.5)
    curb (0.8.6)
    daybreak (0.3.0)
    em-websocket (0.5.1)
      eventmachine (>= 0.12.9)
      http_parser.rb (~> 0.6.0)
    ethon (0.7.1)
      ffi (>= 1.3.0)
    eventmachine (1.0.3)
    execjs (2.2.2)
    extlib (0.9.16)
    faraday (0.9.0)
      multipart-post (>= 1.2, < 3)
    faraday_middleware (0.9.1)
      faraday (>= 0.7.4, < 0.10)
    ffi (1.9.6)
    formatador (0.2.5)
    git (1.2.8)
    google-api-client (0.7.1)
      addressable (>= 2.3.2)
      autoparse (>= 0.3.3)
      extlib (>= 0.9.15)
      faraday (>= 0.9.0)
      jwt (>= 0.1.5)
      launchy (>= 2.1.1)
      multi_json (>= 1.0.0)
      retriable (>= 1.4)
      signet (>= 0.5.0)
      uuidtools (>= 2.1.0)
    gpgme (2.0.7)
      mini_portile (>= 0.5.0, <= 0.6.0)
    guard (2.8.2)
      formatador (>= 0.2.4)
      listen (~> 2.7)
      lumberjack (~> 1.0)
      pry (>= 0.9.12)
      thor (>= 0.18.1)
    guard-livereload (2.1.3)
      em-websocket (~> 0.5)
      guard (~> 2.0)
      multi_json (~> 1.8)
    haml (4.0.5)
      tilt
    hitimes (1.2.2)
    htmlcompressor (0.0.7)
      yui-compressor (~> 0.9.6)
    http_parser.rb (0.6.0)
    i18n (0.6.11)
    image_size (1.3.1)
    iso8601 (0.8.2)
    json (1.8.1)
    jwt (1.0.0)
    kramdown (1.0.2)
    launchy (2.4.3)
      addressable (~> 2.3)
    libv8 (3.16.14.7)
    listen (2.7.12)
      celluloid (>= 0.15.2)
      rb-fsevent (>= 0.9.3)
      rb-inotify (>= 0.9)
    log4r (1.1.10)
    lumberjack (1.0.9)
    method_source (0.8.2)
    mime-types (2.1)
    mini_portile (0.6.0)
    minitest (5.4.3)
    multi_json (1.10.1)
    multipart-post (2.0.0)
    netrc (0.8.0)
    nokogiri (1.5.11)
    oauth (0.3.6)
      ruby-hmac (>= 0.3.1)
    octokit (3.5.2)
      sawyer (~> 0.5.3)
    oily_png (1.1.2)
      chunky_png (~> 1.3.1)
    open4 (1.3.4)
    parallel (1.1.2)
    pry (0.10.1)
      coderay (~> 1.1.0)
      method_source (~> 0.8.1)
      slop (~> 3.4)
    rack (1.5.2)
    rake (10.0.4)
    rb-fchange (0.0.6)
      ffi
    rb-fsevent (0.9.4)
    rb-inotify (0.9.5)
      ffi (>= 0.5.0)
    ref (1.0.5)
    rest-client (1.7.2)
      mime-types (>= 1.16, < 3.0)
      netrc (~> 0.7)
    retriable (1.4.1)
    robotex (1.0.0)
    ruby-duration (3.2.0)
      activesupport (>= 3.0.0)
      i18n
      iso8601
    ruby-hmac (0.4.0)
    ruby-s3cmd (0.1.5)
    sass (3.4.5)
    sawyer (0.5.5)
      addressable (~> 2.3.5)
      faraday (~> 0.8, < 0.10)
    signet (0.5.1)
      addressable (>= 2.2.3)
      faraday (>= 0.9.0.rc5)
      jwt (>= 0.1.5)
      multi_json (>= 1.0.0)
    slim (2.0.3)
      temple (~> 0.6.6)
      tilt (>= 1.3.3, < 2.1)
    slop (3.6.0)
    temple (0.6.10)
    therubyracer (0.12.1)
      libv8 (~> 3.16.14.0)
      ref
    thor (0.19.1)
    thread_safe (0.3.4)
    tilt (2.0.1)
    timers (4.0.1)
      hitimes
    typhoeus (0.6.9)
      ethon (>= 0.7.1)
    tzinfo (1.2.2)
      thread_safe (~> 0.1)
    uglifier (2.0.1)
      execjs (>= 0.3.0)
      multi_json (~> 1.0, >= 1.0.2)
    uuidtools (2.1.5)
    wraith (1.3.7)
      anemone
      image_size
      log4r
      nokogiri
      parallel
      rake
      robotex
      thor
    xml-simple (1.1.4)
    yui-compressor (0.9.6)
      POpen4 (>= 0.1.4)
    zurb-foundation (4.3.2)
      sass (>= 3.2.0)

PLATFORMS
  ruby

DEPENDENCIES
  asciidoctor (~> 1.5.0)
  aweplug!
  awestruct (~> 0.5.6.beta7)
  blinkr (~> 0.2.6)
  curb (~> 0.8.5)
  daybreak
  git (~> 1.2.5)
  google-api-client (~> 0.7)
  gpgme (~> 2.0)
  htmlcompressor (~> 0.0.6)
  kramdown (~> 1.0.1)
  mime-types (= 2.1)
  nokogiri (~> 1.5.10)
  oauth (~> 0.3.6)
  oily_png (~> 1.1.1)
  parallel (~> 1.1.0)
  rake (~> 10.0.4)
  rb-fchange
  rb-fsevent
  rb-inotify
  ruby-duration (~> 3.1)
  sass (~> 3.4, < 3.4.6)
  signet (~> 0.5.1)
  slim (~> 2.0.0)
  therubyracer
  uglifier (~> 2.0.1)
  wraith (~> 1.3.0)
