GIT
  remote: git://github.com/awestruct/aweplug.git
  revision: 99284df3c7999a6248325004682df37806c7b1d4
  specs:
    aweplug (1.0.0.a24)
      curb (~> 0.8.5)
      faraday (>= 0.8.7, < 0.9.0)
      faraday_middleware (>= 0.9.0)
      net-http-persistent (~> 2.9.4)
      nokogiri (~> 1.5.10)
      oauth (~> 0.3.6)
      octokit (>= 1.24.0)
      sass (~> 3.2)
      uglifier (~> 2.0.1)

GEM
  remote: https://rubygems.org/
  specs:
    POpen4 (0.1.4)
      Platform (>= 0.4.0)
      open4
    Platform (0.4.0)
    addressable (2.3.6)
    asciidoctor (1.5.0.preview.7)
    awestruct (0.5.5)
      asciidoctor
      bootstrap-sass (~> 3.1.1.0)
      colorize (~> 0.7.1)
      compass (~> 0.12.4)
      compass-960-plugin (~> 0.10.4)
      git (~> 1.2.6)
      guard-livereload (~> 2.1.2)
      haml (~> 4.0.5)
      listen (~> 2.7.1)
      mime-types (~> 2.1)
      nokogiri (~> 1.5.10)
      rack (~> 1.5.2)
      rest-client (~> 1.6.7)
      ruby-s3cmd (~> 0.1.5)
      tilt (~> 2.0.1)
      zurb-foundation (~> 4.3.2)
    bootstrap-sass (3.1.1.1)
      sass (~> 3.2)
    celluloid (0.15.2)
      timers (~> 1.1.0)
    chunky_png (1.3.1)
    coderay (1.1.0)
    colorize (0.7.3)
    compass (0.12.6)
      chunky_png (~> 1.2)
      fssm (>= 0.2.7)
      sass (~> 3.2.19)
    compass-960-plugin (0.10.4)
      compass (>= 0.10.0)
    curb (0.8.5)
    em-websocket (0.5.1)
      eventmachine (>= 0.12.9)
      http_parser.rb (~> 0.6.0)
    eventmachine (1.0.3)
    eventmachine (1.0.3-java)
    execjs (2.0.2)
    faraday (0.8.9)
      multipart-post (~> 1.2.0)
    faraday_middleware (0.9.1)
      faraday (>= 0.7.4, < 0.10)
    ffi (1.9.3)
    ffi (1.9.3-java)
    formatador (0.2.4)
    fssm (0.2.10)
    git (1.2.6)
    guard (2.6.1)
      formatador (>= 0.2.4)
      listen (~> 2.7)
      lumberjack (~> 1.0)
      pry (>= 0.9.12)
      thor (>= 0.18.1)
    guard-livereload (2.1.2)
      em-websocket (~> 0.5)
      guard (~> 2.0)
      multi_json (~> 1.8)
    haml (4.0.5)
      tilt
    htmlcompressor (0.0.7)
      yui-compressor (~> 0.9.6)
    http_parser.rb (0.6.0)
    http_parser.rb (0.6.0-java)
    kramdown (1.0.2)
    listen (2.7.5)
      celluloid (>= 0.15.2)
      rb-fsevent (>= 0.9.3)
      rb-inotify (>= 0.9)
    lumberjack (1.0.5)
    method_source (0.8.2)
    mime-types (2.2)
    multi_json (1.10.1)
    multipart-post (1.2.0)
    net-http-persistent (2.9.4)
    nokogiri (1.5.11)
    nokogiri (1.5.11-java)
    oauth (0.3.6)
      ruby-hmac (>= 0.3.1)
    octokit (3.1.0)
      sawyer (~> 0.5.3)
    oily_png (1.1.1)
      chunky_png (~> 1.3.0)
    open4 (1.3.4)
    pry (0.9.12.6)
      coderay (~> 1.0)
      method_source (~> 0.8)
      slop (~> 3.4)
    pry (0.9.12.6-java)
      coderay (~> 1.0)
      method_source (~> 0.8)
      slop (~> 3.4)
      spoon (~> 0.0)
    rack (1.5.2)
    rake (10.0.4)
    rb-fchange (0.0.6)
      ffi
    rb-fsevent (0.9.4)
    rb-inotify (0.9.4)
      ffi (>= 0.5.0)
    rest-client (1.6.7)
      mime-types (>= 1.16)
    ruby-hmac (0.4.0)
    ruby-s3cmd (0.1.5)
    sass (3.2.19)
    sawyer (0.5.4)
      addressable (~> 2.3.5)
      faraday (~> 0.8, < 0.10)
    slim (2.0.2)
      temple (~> 0.6.6)
      tilt (>= 1.3.3, < 2.1)
    slop (3.5.0)
    spoon (0.0.4)
      ffi
    temple (0.6.7)
    thor (0.19.1)
    tilt (2.0.1)
    timers (1.1.0)
    uglifier (2.0.1)
      execjs (>= 0.3.0)
      multi_json (~> 1.0, >= 1.0.2)
    yui-compressor (0.9.6)
      POpen4 (>= 0.1.4)
    zurb-foundation (4.3.2)
      sass (>= 3.2.0)

PLATFORMS
  java
  ruby

DEPENDENCIES
  asciidoctor (~> 1.5.0.preview6)
  aweplug!
  awestruct (~> 0.5.4.rc3)
  curb (~> 0.8.5)
  git (~> 1.2.5)
  htmlcompressor (~> 0.0.6)
  kramdown (~> 1.0.1)
  nokogiri (~> 1.5.10)
  oauth (~> 0.3.6)
  oily_png (~> 1.1.1)
  pry
  rake (~> 10.0.4)
  rb-fchange
  rb-fsevent
  rb-inotify
  slim (~> 2.0.0)
  uglifier (~> 2.0.1)
  zurb-foundation (~> 4.3.1)
