GIT
  remote: git://github.com/awestruct/aweplug.git
  revision: 052a3873c1ef83652a65b05f5e587b3896b05758
  specs:
    aweplug (1.0.0.a24)
      curb (~> 0.8.5)
      faraday (>= 0.8.7, < 1.0.0)
      faraday_middleware (>= 0.9.0)
      google-api-client (~> 0.7)
      kramdown (~> 1.0.2)
      nokogiri (~> 1.5.10)
      oauth (~> 0.3.6)
      octokit (>= 1.24.0)
      parallel (> 1.0.0)
      ruby-duration (~> 3.2)
      sass (< 3.4.6)
      uglifier (~> 2.0.1)
      xml-simple (~> 1.1)

GIT
  remote: git://github.com/awestruct/awestruct.git
  revision: 7bc7570da35b6e49ad4d4614b1cb366ca2b7a4e3
  specs:
    awestruct (0.5.6.beta9)
      asciidoctor (~> 1.5, >= 1.5.2)
      colorize (~> 0.7, >= 0.7.1)
      compass (~> 1, >= 1.0.1)
      git (~> 1.2, >= 1.2.6)
      guard-livereload (~> 2.1, >= 2.1.2)
      haml (~> 4.0, >= 4.0.5)
      listen (~> 2.7, >= 2.7.1)
      mime-types (~> 2.1)
      oga (~> 0.3)
      parallel (~> 1.1, > 1.1.1)
      rack (~> 1.5, >= 1.5.2)
      rest-client (~> 1.7, >= 1.7.2)
      sass (~> 3.2)
      tilt (~> 2.0, >= 2.0.1)

GIT
  remote: git://github.com/lightguard/blinkr.git
  revision: e269967496b62c8d6bda437933c962fa88f395f4
  branch: feature/parallel_pipeline
  specs:
    blinkr (0.3.1-java)
      manticore (~> 0.4)
      nokogiri (~> 1.5)
      parallel (~> 1.3)
      slim (~> 3.0)
      typhoeus (~> 0.7)

GEM
  remote: https://rubygems.org/
  specs:
    POpen4 (0.1.4)
      Platform (>= 0.4.0)
      open4
    Platform (0.4.0)
    activesupport (4.1.12)
      i18n (~> 0.6, >= 0.6.9)
      json (~> 1.7, >= 1.7.7)
      minitest (~> 5.1)
      thread_safe (~> 0.1)
      tzinfo (~> 1.1)
    addressable (2.3.8)
    anemone (0.7.2)
      nokogiri (>= 1.3.0)
      robotex (>= 1.0.0)
    ansi (1.5.0)
    asciidoctor (1.5.2)
    ast (2.0.0)
    autoparse (0.3.3)
      addressable (>= 2.3.1)
      extlib (>= 0.9.15)
      multi_json (>= 1.0.0)
    celluloid (0.16.0)
      timers (~> 4.0.0)
    chunky_png (1.3.4)
    coderay (1.1.0)
    colorize (0.7.7)
    compass (1.0.3)
      chunky_png (~> 1.2)
      compass-core (~> 1.0.2)
      compass-import-once (~> 1.0.5)
      rb-fsevent (>= 0.9.3)
      rb-inotify (>= 0.9)
      sass (>= 3.3.13, < 3.5)
    compass-core (1.0.3)
      multi_json (~> 1.0)
      sass (>= 3.3.0, < 3.5)
    compass-import-once (1.0.5)
      sass (>= 3.2, < 3.5)
    curb (0.8.8)
    daybreak (0.3.0)
    domain_name (0.5.24)
      unf (>= 0.0.5, < 1.0.0)
    em-websocket (0.5.1)
      eventmachine (>= 0.12.9)
      http_parser.rb (~> 0.6.0)
    ethon (0.7.4)
      ffi (>= 1.3.0)
    eventmachine (1.0.7-java)
    execjs (2.5.2)
    extlib (0.9.16)
    faraday (0.9.1)
      multipart-post (>= 1.2, < 3)
    faraday_middleware (0.10.0)
      faraday (>= 0.7.4, < 0.10)
    ffi (1.9.10-java)
    formatador (0.2.5)
    git (1.2.9.1)
    google-api-client (0.7.1)
      addressable (>= 2.3.2)
      autoparse (>= 0.3.3)
      extlib (>= 0.9.15)
      faraday (>= 0.9.0)
      jwt (>= 0.1.5)
      launchy (>= 2.1.1)
      multi_json (>= 1.0.0)
      retriable (>= 1.4)
      signet (>= 0.5.0)
      uuidtools (>= 2.1.0)
    gpgme (2.0.8)
      mini_portile (>= 0.5.0)
    guard (2.12.8)
      formatador (>= 0.2.4)
      listen (>= 2.7, <= 4.0)
      lumberjack (~> 1.0)
      nenv (~> 0.1)
      notiffany (~> 0.0)
      pry (>= 0.9.12)
      shellany (~> 0.0)
      thor (>= 0.18.1)
    guard-livereload (2.4.0)
      em-websocket (~> 0.5)
      guard (~> 2.8)
      multi_json (~> 1.8)
    haml (4.0.6)
      tilt
    hitimes (1.2.2-java)
    htmlcompressor (0.0.7)
      yui-compressor (~> 0.9.6)
    http-cookie (1.0.2)
      domain_name (~> 0.5)
    http_parser.rb (0.6.0-java)
    i18n (0.7.0)
    image_size (1.4.1)
    iso8601 (0.8.6)
    json (1.8.3-java)
    jwt (1.5.1)
    kramdown (1.0.2)
    launchy (2.4.3-java)
      addressable (~> 2.3)
      spoon (~> 0.0.1)
    listen (2.10.1)
      celluloid (~> 0.16.0)
      rb-fsevent (>= 0.9.3)
      rb-inotify (>= 0.9)
    log4r (1.1.10)
    lumberjack (1.0.9)
    manticore (0.4.2-java)
      addressable (~> 2.3)
    method_source (0.8.2)
    mime-types (2.1)
    mini_portile (0.6.2)
    minitest (5.7.0)
    multi_json (1.11.2)
    multipart-post (2.0.0)
    nenv (0.2.0)
    netrc (0.10.3)
    nokogiri (1.5.11-java)
    notiffany (0.0.6)
      nenv (~> 0.1)
      shellany (~> 0.0)
    oauth (0.3.6)
      ruby-hmac (>= 0.3.1)
    octokit (4.0.1)
      sawyer (~> 0.6.0, >= 0.5.3)
    oga (0.3.4-java)
      ast
      ruby-ll (~> 2.1)
    oily_png (1.1.2)
      chunky_png (~> 1.3.1)
    open4 (1.3.4)
    parallel (1.6.0)
    pry (0.10.1-java)
      coderay (~> 1.1.0)
      method_source (~> 0.8.1)
      slop (~> 3.4)
      spoon (~> 0.0)
    rack (1.6.4)
    rake (10.0.4)
    rb-fchange (0.0.6)
      ffi
    rb-fsevent (0.9.5)
    rb-inotify (0.9.5)
      ffi (>= 0.5.0)
    rest-client (1.8.0)
      http-cookie (>= 1.0.2, < 2.0)
      mime-types (>= 1.16, < 3.0)
      netrc (~> 0.7)
    retriable (2.0.2)
    robotex (1.0.0)
    ruby-duration (3.2.1)
      activesupport (>= 3.0.0)
      i18n
      iso8601
    ruby-hmac (0.4.0)
    ruby-ll (2.1.2-java)
      ansi
      ast
    sass (3.4.5)
    sawyer (0.6.0)
      addressable (~> 2.3.5)
      faraday (~> 0.8, < 0.10)
    shellany (0.0.1)
    signet (0.5.1)
      addressable (>= 2.2.3)
      faraday (>= 0.9.0.rc5)
      jwt (>= 0.1.5)
      multi_json (>= 1.0.0)
    slim (3.0.6)
      temple (~> 0.7.3)
      tilt (>= 1.3.3, < 2.1)
    slop (3.6.0)
    spoon (0.0.4)
      ffi
    temple (0.7.6)
    thor (0.19.1)
    thread_safe (0.3.5-java)
    tilt (2.0.1)
    timers (4.0.1)
      hitimes
    typhoeus (0.7.2)
      ethon (>= 0.7.4)
    tzinfo (1.2.2)
      thread_safe (~> 0.1)
    uglifier (2.0.1)
      execjs (>= 0.3.0)
      multi_json (~> 1.0, >= 1.0.2)
    unf (0.1.4-java)
    uuidtools (2.1.5)
    wraith (1.3.7)
      anemone
      image_size
      log4r
      nokogiri
      parallel
      rake
      robotex
      thor
    xml-simple (1.1.5)
    yui-compressor (0.9.6)
      POpen4 (>= 0.1.4)

PLATFORMS
  java

DEPENDENCIES
  activesupport (> 3.1, < 4.2.0)
  asciidoctor (~> 1.5.0)
  aweplug!
  awestruct!
  blinkr!
  curb (~> 0.8.5)
  daybreak (~> 0.3.0)
  git (~> 1.2.5)
  google-api-client (~> 0.7)
  gpgme (~> 2.0)
  htmlcompressor (~> 0.0.6)
  kramdown (~> 1.0.1)
  mime-types (= 2.1)
  nokogiri (~> 1.5)
  oauth (~> 0.3.6)
  oily_png (~> 1.1.1)
  parallel (~> 1.1)
  rake (~> 10.0.4)
  rb-fchange
  rb-fsevent
  rb-inotify
  ruby-duration (~> 3.1)
  sass (~> 3.4, < 3.4.6)
  signet (~> 0.5.1)
  slim (~> 3.0)
  therubyracer
  uglifier (~> 2.0.1)
  wraith (~> 1.3.0)

BUNDLED WITH
   1.10.5
