GIT
  remote: git://github.com/LightGuard/aweplug.git
  revision: ae7093ae53b646beb53de33b3384d5b4d41ca904
  branch: vimeo_change
  specs:
    aweplug (1.0.0.a24)
      curb (~> 0.8.5)
      faraday (>= 0.8.7, < 1.0.0)
      faraday_middleware (>= 0.9.0)
      nokogiri (~> 1.5.10)
      oauth (~> 0.3.6)
      octokit (>= 1.24.0)
      parallel (~> 1.0)
      sass (~> 3.2)
      uglifier (~> 2.0.1)

GEM
  remote: https://rubygems.org/
  specs:
    POpen4 (0.1.4)
      Platform (>= 0.4.0)
      open4
    Platform (0.4.0)
    addressable (2.3.6)
    anemone (0.7.2)
      nokogiri (>= 1.3.0)
      robotex (>= 1.0.0)
    asciidoctor (1.5.0)
    awestruct (0.5.5)
      asciidoctor
      bootstrap-sass (~> 3.1.1.0)
      colorize (~> 0.7.1)
      compass (~> 0.12.4)
      compass-960-plugin (~> 0.10.4)
      git (~> 1.2.6)
      guard-livereload (~> 2.1.2)
      haml (~> 4.0.5)
      listen (~> 2.7.1)
      mime-types (~> 2.1)
      nokogiri (~> 1.5.10)
      rack (~> 1.5.2)
      rest-client (~> 1.6.7)
      ruby-s3cmd (~> 0.1.5)
      tilt (~> 2.0.1)
      zurb-foundation (~> 4.3.2)
    blinkr (0.2.5)
      nokogiri (~> 1.5)
      parallel (~> 1.1.0)
      slim (~> 2.0)
      typhoeus (~> 0.6)
    bootstrap-sass (3.1.1.1)
      sass (~> 3.2)
    celluloid (0.15.2)
      timers (~> 1.1.0)
    chunky_png (1.3.1)
    coderay (1.1.0)
    colorize (0.7.3)
    compass (0.12.7)
      chunky_png (~> 1.2)
      fssm (>= 0.2.7)
      sass (~> 3.2.19)
    compass-960-plugin (0.10.4)
      compass (>= 0.10.0)
    curb (0.8.6)
    em-websocket (0.5.1)
      eventmachine (>= 0.12.9)
      http_parser.rb (~> 0.6.0)
    ethon (0.7.1)
      ffi (>= 1.3.0)
    eventmachine (1.0.3)
    execjs (2.2.1)
    faraday (0.9.0)
      multipart-post (>= 1.2, < 3)
    faraday_middleware (0.9.1)
      faraday (>= 0.7.4, < 0.10)
    ffi (1.9.3)
    formatador (0.2.5)
    fssm (0.2.10)
    git (1.2.8)
    guard (2.6.1)
      formatador (>= 0.2.4)
      listen (~> 2.7)
      lumberjack (~> 1.0)
      pry (>= 0.9.12)
      thor (>= 0.18.1)
    guard-livereload (2.1.3)
      em-websocket (~> 0.5)
      guard (~> 2.0)
      multi_json (~> 1.8)
    haml (4.0.5)
      tilt
    htmlcompressor (0.0.7)
      yui-compressor (~> 0.9.6)
    http_parser.rb (0.6.0)
    image_size (1.3.1)
    kramdown (1.0.2)
    libv8 (3.16.14.3)
    listen (2.7.9)
      celluloid (>= 0.15.2)
      rb-fsevent (>= 0.9.3)
      rb-inotify (>= 0.9)
    log4r (1.1.10)
    lumberjack (1.0.9)
    method_source (0.8.2)
    mime-types (2.1)
    multi_json (1.10.1)
    multipart-post (2.0.0)
    nokogiri (1.5.11)
    oauth (0.3.6)
      ruby-hmac (>= 0.3.1)
    octokit (3.3.0)
      sawyer (~> 0.5.3)
    oily_png (1.1.1)
      chunky_png (~> 1.3.0)
    open4 (1.3.4)
    parallel (1.1.2)
    pry (0.10.0)
      coderay (~> 1.1.0)
      method_source (~> 0.8.1)
      slop (~> 3.4)
    rack (1.5.2)
    rake (10.0.4)
    rb-fchange (0.0.6)
      ffi
    rb-fsevent (0.9.4)
    rb-inotify (0.9.5)
      ffi (>= 0.5.0)
    ref (1.0.5)
    rest-client (1.6.7)
      mime-types (>= 1.16)
    robotex (1.0.0)
    ruby-hmac (0.4.0)
    ruby-s3cmd (0.1.5)
    sass (3.2.19)
    sawyer (0.5.4)
      addressable (~> 2.3.5)
      faraday (~> 0.8, < 0.10)
    slim (2.0.3)
      temple (~> 0.6.6)
      tilt (>= 1.3.3, < 2.1)
    slop (3.6.0)
    temple (0.6.8)
    therubyracer (0.12.1)
      libv8 (~> 3.16.14.0)
      ref
    thor (0.19.1)
    tilt (2.0.1)
    timers (1.1.0)
    typhoeus (0.6.9)
      ethon (>= 0.7.1)
    uglifier (2.0.1)
      execjs (>= 0.3.0)
      multi_json (~> 1.0, >= 1.0.2)
    wraith (1.3.4)
      anemone
      image_size
      log4r
      nokogiri
      parallel
      rake
      robotex
      thor
    yui-compressor (0.9.6)
      POpen4 (>= 0.1.4)
    zurb-foundation (4.3.2)
      sass (>= 3.2.0)

PLATFORMS
  ruby

DEPENDENCIES
  asciidoctor (~> 1.5.0)
  aweplug!
  awestruct (~> 0.5.4.rc3)
  blinkr (~> 0.2.5)
  curb (~> 0.8.5)
  git (~> 1.2.5)
  htmlcompressor (~> 0.0.6)
  kramdown (~> 1.0.1)
  mime-types (= 2.1)
  nokogiri (~> 1.5.10)
  oauth (~> 0.3.6)
  oily_png (~> 1.1.1)
  parallel (~> 1.1.0)
  rake (~> 10.0.4)
  rb-fchange
  rb-fsevent
  rb-inotify
  slim (~> 2.0.0)
  therubyracer
  uglifier (~> 2.0.1)
  wraith (~> 1.3.0)
  zurb-foundation (~> 4.3.1)
